GEM
  remote: http://rubygems.org/
  specs:
    RedCloth (4.2.8)
    abstract (1.0.0)
    actionmailer (3.0.3)
      actionpack (= 3.0.3)
      mail (~> 2.2.9)
    actionpack (3.0.3)
      activemodel (= 3.0.3)
      activesupport (= 3.0.3)
      builder (~> 2.1.2)
      erubis (~> 2.6.6)
      i18n (~> 0.4)
      rack (~> 1.2.1)
      rack-mount (~> 0.6.13)
      rack-test (~> 0.5.6)
      tzinfo (~> 0.3.23)
    activemodel (3.0.3)
      activesupport (= 3.0.3)
      builder (~> 2.1.2)
      i18n (~> 0.4)
    activerecord (3.0.3)
      activemodel (= 3.0.3)
      activesupport (= 3.0.3)
      arel (~> 2.0.2)
      tzinfo (~> 0.3.23)
    activeresource (3.0.3)
      activemodel (= 3.0.3)
      activesupport (= 3.0.3)
    activesupport (3.0.3)
    addressable (2.2.7)
    ansi (1.4.2)
    arel (2.0.6)
    builder (2.1.2)
    cancan (1.5.1)
    capistrano (2.5.19)
      highline
      net-scp (>= 1.0.0)
      net-sftp (>= 2.0.0)
      net-ssh (>= 2.0.14)
      net-ssh-gateway (>= 1.0.0)
    capybara (1.1.2)
      mime-types (>= 1.16)
      nokogiri (>= 1.3.3)
      rack (>= 1.0.0)
      rack-test (>= 0.5.4)
      selenium-webdriver (~> 2.0)
      xpath (~> 0.1.4)
    childprocess (0.3.2)
      ffi (~> 1.0.6)
    clearance (0.9.1)
      rails (~> 3.0.0)
    database_cleaner (0.7.2)
    erubis (2.6.6)
      abstract (>= 1.0.0)
    factory_girl (3.2.0)
      activesupport (>= 3.0.0)
    factory_girl_rails (3.2.0)
      factory_girl (~> 3.2.0)
      railties (>= 3.0.0)
    ffi (1.0.11)
    guard (0.8.4)
      thor (~> 0.14.6)
    guard-spork (0.4.1)
      guard (>= 0.8.4)
      spork (>= 0.8.4)
    guard-test (0.4.3)
      guard (>= 0.4)
      test-unit (~> 2.2)
    haml (3.0.25)
    high_voltage (0.9.3)
    highline (1.6.1)
    i18n (0.5.0)
    less (1.2.21)
      mutter (>= 0.4.2)
      treetop (>= 1.4.2)
    libwebsocket (0.1.3)
      addressable
    mail (2.2.14)
      activesupport (>= 2.3.6)
      i18n (>= 0.4.0)
      mime-types (~> 1.16)
      treetop (~> 1.4.8)
    mime-types (1.16)
    multi_json (1.3.2)
    mutter (0.5.3)
    mysql2 (0.2.6)
    mysql2 (0.2.6-x86-mingw32)
    net-scp (1.0.4)
      net-ssh (>= 1.99.1)
    net-sftp (2.0.5)
      net-ssh (>= 2.0.9)
    net-ssh (2.0.23)
    net-ssh-gateway (1.0.1)
      net-ssh (>= 1.99.1)
    nokogiri (1.5.2)
    polyglot (0.3.1)
    rack (1.2.1)
    rack-mount (0.6.13)
      rack (>= 1.0.0)
    rack-test (0.5.7)
      rack (>= 1.0)
    rails (3.0.3)
      actionmailer (= 3.0.3)
      actionpack (= 3.0.3)
      activerecord (= 3.0.3)
      activeresource (= 3.0.3)
      activesupport (= 3.0.3)
      bundler (~> 1.0)
      railties (= 3.0.3)
    railties (3.0.3)
      actionpack (= 3.0.3)
      activesupport (= 3.0.3)
      rake (>= 0.8.7)
      thor (~> 0.14.4)
    rake (0.8.7)
    ruby-prof (0.10.8)
    rubyzip (0.9.7)
    russian (0.2.7)
    selenium-webdriver (2.21.2)
      childprocess (>= 0.2.5)
      ffi (~> 1.0)
      libwebsocket (~> 0.1.3)
      multi_json (~> 1.0)
      rubyzip
    simple_form (1.3.0)
      rails (~> 3.0.0)
    spork (0.9.0)
    spork-testunit (0.0.8)
      spork (>= 0.6.0)
    test-unit (2.4.8)
    thor (0.14.6)
    treetop (1.4.9)
      polyglot (>= 0.3.1)
    turn (0.9.4)
      ansi
    tzinfo (0.3.23)
    xpath (0.1.4)
      nokogiri (~> 1.3)

PLATFORMS
  ruby
  x86-mingw32

DEPENDENCIES
  RedCloth (= 4.2.8)
  cancan
  capistrano
  capybara
  clearance
  database_cleaner
  factory_girl_rails
  guard-spork
  guard-test (~> 0.4.3)
  haml
  high_voltage
  less
  mysql2
  rails (= 3.0.3)
  ruby-prof
  russian
  simple_form
  spork (~> 0.9.0.rc)
  spork-testunit
  turn
